PATH
  remote: .
  specs:
    AABeginnerTestGem (0.1.0)

GEM
  remote: https://rubygems.org/
  specs:
    minitest (5.9.0)
    rake (10.4.2)

PLATFORMS
  ruby

DEPENDENCIES
  AABeginnerTestGem!
  bundler (~> 1.13)
  minitest (~> 5.0)
  rake (~> 10.0)

BUNDLED WITH
   1.13.1
